PATH
  remote: .
  specs:
    omniauth-keltec (0.0.1)
      omniauth-oauth2 (~> 1.3.0)

GEM
  remote: https://rubygems.org/
  specs:
    faraday (0.10.1)
      multipart-post (>= 1.2, < 3)
    hashie (3.5.4)
    jwt (1.5.6)
    multi_json (1.12.1)
    multi_xml (0.6.0)
    multipart-post (2.0.0)
    oauth2 (1.3.0)
      faraday (>= 0.8, < 0.11)
      jwt (~> 1.0)
      multi_json (~> 1.3)
      multi_xml (~> 0.5)
      rack (>= 1.2, < 3)
    omniauth (1.6.1)
      hashie (>= 3.4.6, < 3.6.0)
      rack (>= 1.6.2, < 3)
    omniauth-oauth2 (1.3.1)
      oauth2 (~> 1.0)
      omniauth (~> 1.2)
    rack (2.0.1)
    rake (12.0.0)

PLATFORMS
  ruby

DEPENDENCIES
  bundler (~> 1.5)
  omniauth-keltec!
  rake

BUNDLED WITH
   1.14.3
